GEM
  remote: https://rubygems.org/
  specs:
    backports (3.15.0)
    coffee-script (2.4.1)
      coffee-script-source
      execjs
    coffee-script-source (1.12.2)
    concurrent-ruby (1.1.5)
    daemons (1.3.1)
    et-orbi (1.2.1)
      tzinfo
    eventmachine (1.2.7)
    eventmachine (1.2.7-x86-mingw32)
    execjs (2.7.0)
    json (2.3.1)
    multi_json (1.13.1)
    mustermann (1.0.3)
    rack (2.0.9.1)
    rack-protection (2.0.5)
      rack
    rufus-scheduler (3.4.2)
      et-orbi (~> 1.0)
    sass (3.4.25)
    sinatra (2.0.5)
      mustermann (~> 1.0)
      rack (~> 2.0)
      rack-protection (= 2.0.5)
      tilt (~> 2.0)
    sinatra-contrib (2.0.5)
      backports (>= 2.8.2)
      multi_json
      mustermann (~> 1.0)
      rack-protection (= 2.0.5)
      sinatra (= 2.0.5)
      tilt (>= 1.3, < 3)
    smashing (1.1.0)
      coffee-script (~> 2.4.1)
      execjs (~> 2.7.0)
      rack (~> 2.0.0)
      rufus-scheduler (~> 3.4.2)
      sass (~> 3.4.24)
      sinatra (~> 2.0.0)
      sinatra-contrib (~> 2.0.0)
      sprockets (~> 3.7.1)
      thin (~> 1.7.0)
      thor (~> 0.19.4)
    sprockets (3.7.2)
      concurrent-ruby (~> 1.0)
      rack (> 1, < 3)
    thin (1.7.2)
      daemons (~> 1.0, >= 1.0.9)
      eventmachine (~> 1.0, >= 1.0.4)
      rack (>= 1, < 3)
    thor (0.19.4)
    tilt (2.0.9)
    tzinfo (2.0.0)
      concurrent-ruby (~> 1.0)
    tzinfo-data (1.2019.2)
      tzinfo (>= 1.0.0)
    zabby (0.1.2)
      json

PLATFORMS
  ruby
  x86-mingw32

DEPENDENCIES
  eventmachine
  smashing
  tzinfo-data
  zabby

BUNDLED WITH
   2.0.2
